GEM
  remote: https://rubygems.org/
  specs:
    gosu (0.10.6)
    gosu_enhanced (0.4.3)
      gosu (~> 0.10.4)

PLATFORMS
  ruby

DEPENDENCIES
  gosu_enhanced (~> 0.4.2)

BUNDLED WITH
   1.11.2
